GEM
  specs:
    jekyll-compose (0.3.0)

PLATFORMS
  ruby

DEPENDENCIES
  jekyll-compose

BUNDLED WITH
   1.11.2
